PATH
  remote: .
  specs:
    terminal-notifier-guard (1.7.0)

GEM
  remote: https://rubygems.org/
  specs:
    bacon (1.2.0)
    metaclass (0.0.4)
    mocha (1.1.0)
      metaclass (~> 0.0.1)
    mocha-on-bacon (0.2.2)
      mocha (>= 0.13.0)
    rake (10.3.2)

PLATFORMS
  ruby

DEPENDENCIES
  bacon
  mocha
  mocha-on-bacon
  rake
  terminal-notifier-guard!

BUNDLED WITH
   1.10.6
